GEM
  remote: http://rubygems.org/
  specs:
    configuration (1.2.0)
    daemons (1.1.0)
    eventmachine (0.12.10)
    haml (3.0.24)
    heroku (1.14.9)
      json_pure (>= 1.2.0, < 1.5.0)
      launchy (~> 0.3.2)
      rest-client (>= 1.4.0, < 1.7.0)
    json_pure (1.4.6)
    launchy (0.3.7)
      configuration (>= 0.0.5)
      rake (>= 0.8.1)
    mime-types (1.16)
    rack (2.2.12)
    rack-cache (0.5.3)
      rack (>= 0.4)
    rack-client (0.3.1.pre.f)
      rack (>= 1.0.0)
    rake (12.3.3)
    rest-client (1.6.1)
      mime-types (>= 1.16)
    sinatra (1.0)
      rack (>= 1.0)
    thin (1.2.7)
      daemons (>= 1.0.9)
      eventmachine (>= 0.12.6)
      rack (>= 1.0.0)
    yajl-ruby (0.7.8)

PLATFORMS
  ruby

DEPENDENCIES
  daemons
  haml
  heroku
  rack
  rack-cache
  rack-client (= 0.3.1.pre.f)
  sinatra
  thin
  yajl-ruby
