GEM
  remote: http://rubygems.org/
  specs:
    base64 (0.2.0)
    daemons (1.1.0)
    eventmachine (0.12.10)
    haml (5.0.0)
      temple (>= 0.8.0)
      tilt
    heroku (3.99.4)
    logger (1.6.6)
    mustermann (3.0.3)
      ruby2_keywords (~> 0.0.1)
    rack (3.1.11)
    rack-cache (1.2)
      rack (>= 0.4)
    rack-client (0.3.1.pre.f)
      rack (>= 1.0.0)
    rack-protection (4.1.0)
      base64 (>= 0.1.0)
      logger (>= 1.6.0)
      rack (>= 3.0.0, < 4)
    rack-session (2.1.0)
      base64 (>= 0.1.0)
      rack (>= 3.0.0)
    ruby2_keywords (0.0.5)
    sinatra (4.1.0)
      logger (>= 1.6.0)
      mustermann (~> 3.0)
      rack (>= 3.0.0, < 4)
      rack-protection (= 4.1.0)
      rack-session (>= 2.0.0, < 3)
      tilt (~> 2.0)
    temple (0.10.3)
    thin (1.2.7)
      daemons (>= 1.0.9)
      eventmachine (>= 0.12.6)
      rack (>= 1.0.0)
    tilt (2.6.0)
    yajl-ruby (1.4.3)

PLATFORMS
  ruby

DEPENDENCIES
  daemons
  haml
  heroku
  rack
  rack-cache
  rack-client (= 0.3.1.pre.f)
  sinatra
  thin
  yajl-ruby
