GEM
  remote: http://rubygems.org/
  specs:
    daemons (1.1.0)
    domain_name (0.6.20240107)
    eventmachine (0.12.10)
    haml (5.0.0)
      temple (>= 0.8.0)
      tilt
    heroku (3.99.4)
    http-cookie (1.0.8)
      domain_name (~> 0.5)
    mime-types (2.99.3)
    netrc (0.11.0)
    rack (2.2.12)
    rack-cache (1.2)
      rack (>= 0.4)
    rack-client (0.3.1.pre.f)
      rack (>= 1.0.0)
    rest-client (1.8.0)
      http-cookie (>= 1.0.2, < 2.0)
      mime-types (>= 1.16, < 3.0)
      netrc (~> 0.7)
    sinatra (1.0)
      rack (>= 1.0)
    temple (0.10.3)
    thin (1.2.7)
      daemons (>= 1.0.9)
      eventmachine (>= 0.12.6)
      rack (>= 1.0.0)
    tilt (2.6.0)
    yajl-ruby (0.7.8)

PLATFORMS
  ruby

DEPENDENCIES
  daemons
  haml
  heroku
  rack
  rack-cache
  rack-client (= 0.3.1.pre.f)
  sinatra
  thin
  yajl-ruby
